PATH
  remote: .
  specs:
    health_reporter (0.0.1)
      authenticated_client (~> 0.0.2)
      http-cookie (~> 1.0, >= 1.0.3)
      jwt (~> 1.5, >= 1.5.6)
      rack (>= 1.6.4, < 3.0.0)
      soar_xt (~> 0.0.3)

GEM
  remote: https://rubygems.org/
  specs:
    addressable (2.5.2)
      public_suffix (>= 2.0.2, < 4.0)
    auth_token_store_provider (1.2.1)
      authenticated_client (~> 0.0.2)
    authenticated_client (0.0.3)
    byebug (10.0.2)
    capybara (2.18.0)
      addressable
      mini_mime (>= 0.1.3)
      nokogiri (>= 1.3.3)
      rack (>= 1.0.0)
      rack-test (>= 0.5.4)
      xpath (>= 2.0, < 4.0)
    coderay (1.1.2)
    crack (0.4.3)
      safe_yaml (~> 1.0.0)
    diff-lcs (1.3)
    docile (1.3.0)
    domain_name (0.5.20170404)
      unf (>= 0.0.5, < 1.0.0)
    hashdiff (0.3.7)
    http-cookie (1.0.3)
      domain_name (~> 0.5)
    json (2.1.0)
    jwt (1.5.6)
    method_source (0.9.0)
    mini_mime (1.0.0)
    mini_portile2 (2.3.0)
    nokogiri (1.8.2)
      mini_portile2 (~> 2.3.0)
    pry (0.11.3)
      coderay (~> 1.1.0)
      method_source (~> 0.9.0)
    public_suffix (3.0.2)
    rack (2.0.4)
    rack-test (1.0.0)
      rack (>= 1.0, < 3)
    rake (10.5.0)
    rspec (2.99.0)
      rspec-core (~> 2.99.0)
      rspec-expectations (~> 2.99.0)
      rspec-mocks (~> 2.99.0)
    rspec-core (2.99.2)
    rspec-expectations (2.99.2)
      diff-lcs (>= 1.1.3, < 2.0)
    rspec-mocks (2.99.4)
    safe_yaml (1.0.4)
    simplecov (0.16.1)
      docile (~> 1.1)
      json (>= 1.8, < 3)
      simplecov-html (~> 0.10.0)
    simplecov-html (0.10.2)
    simplecov-rcov (0.2.3)
      simplecov (>= 0.4.1)
    soar_xt (0.0.3)
    unf (0.1.4)
      unf_ext
    unf_ext (0.0.7.5)
    webmock (3.3.0)
      addressable (>= 2.3.6)
      crack (>= 0.3.2)
      hashdiff
    xpath (3.0.0)
      nokogiri (~> 1.8)

PLATFORMS
  ruby

DEPENDENCIES
  auth_token_store_provider (~> 1.0)
  bundler (~> 1.3)
  byebug
  capybara (~> 2.1, >= 2.1.0)
  health_reporter!
  pry (~> 0)
  rake (~> 10.0)
  rspec (~> 2.13)
  simplecov (~> 0)
  simplecov-rcov (~> 0)
  webmock (~> 3.0)

BUNDLED WITH
   1.16.1
